GIT
  remote: git://github.com/refinery/refinerycms-inquiries.git
  revision: bda56587635fd09172e5d6c51b614efe03e07a9b
  branch: 2-1-stable
  specs:
    refinerycms-inquiries (2.1.0)
      filters_spam (~> 0.2)
      refinerycms-core (~> 2.1.0)
      refinerycms-settings (~> 2.1.0)

GIT
  remote: https://github.com/peercom/refinerycms-photo-gallery.git
  revision: 3233b847b75e2a900390b969e1fa01c09004ce02
  specs:
    refinerycms-photo-gallery (0.2.0.dev)
      carrierwave (= 0.6.2)
      mime-types
      mini_exiftool
      mini_magick
      refinerycms-core (~> 2.1.0)
      refinerycms-settings (~> 2.1.0)

GEM
  remote: https://rubygems.org/
  specs:
    actionmailer (3.2.14)
      actionpack (= 3.2.14)
      mail (~> 2.5.4)
    actionpack (3.2.14)
      activemodel (= 3.2.14)
      activesupport (= 3.2.14)
      builder (~> 3.0.0)
      erubis (~> 2.7.0)
      journey (~> 1.0.4)
      rack (~> 1.4.5)
      rack-cache (~> 1.2)
      rack-test (~> 0.6.1)
      sprockets (~> 2.2.1)
    activemodel (3.2.14)
      activesupport (= 3.2.14)
      builder (~> 3.0.0)
    activerecord (3.2.14)
      activemodel (= 3.2.14)
      activesupport (= 3.2.14)
      arel (~> 3.0.2)
      tzinfo (~> 0.3.29)
    activeresource (3.2.14)
      activemodel (= 3.2.14)
      activesupport (= 3.2.14)
    activesupport (3.2.14)
      i18n (~> 0.6, >= 0.6.4)
      multi_json (~> 1.0)
    acts-as-taggable-on (3.1.1)
      actionpack (>= 3, < 5)
      activerecord (>= 3, < 5)
      activesupport (>= 3, < 5)
    acts_as_indexed (0.8.3)
    arel (3.0.3)
    awesome_nested_set (2.1.6)
      activerecord (>= 3.0.0)
    babosa (0.3.11)
    bcrypt (3.1.7)
    bcrypt-ruby (3.1.5)
      bcrypt (>= 3.1.3)
    builder (3.0.4)
    capistrano (3.2.1)
      i18n
      rake (>= 10.0.0)
      sshkit (~> 1.3)
    capistrano-bundler (1.1.2)
      capistrano (~> 3.0)
      sshkit (~> 1.2)
    capistrano-rails (1.1.1)
      capistrano (~> 3.1)
      capistrano-bundler (~> 1.1)
    capistrano-rvm (0.1.1)
      capistrano (~> 3.0)
      sshkit (~> 1.2)
    carrierwave (0.6.2)
      activemodel (>= 3.2.0)
      activesupport (>= 3.2.0)
    coffee-rails (3.2.2)
      coffee-script (>= 2.2.0)
      railties (~> 3.2.0)
    coffee-script (2.2.0)
      coffee-script-source
      execjs
    coffee-script-source (1.7.0)
    colorbox-rails (0.1.1)
      jquery-rails
      rails (>= 3.1.1)
    decorators (1.0.3)
      railties (>= 3.0.19, != 3.2.9, != 3.2.8, != 3.2.7, != 3.2.6, != 3.2.5, != 3.2.4, != 3.2.3, != 3.2.2, != 3.2.10, != 3.2.1, != 3.2.0, != 3.1.9, != 3.1.8, != 3.1.7, != 3.1.6, != 3.1.5, != 3.1.4, != 3.1.3, != 3.1.2, != 3.1.1, != 3.1.0)
    devise (2.2.8)
      bcrypt-ruby (~> 3.0)
      orm_adapter (~> 0.1)
      railties (~> 3.1)
      warden (~> 1.2.1)
    dragonfly (0.9.15)
      multi_json (~> 1.0)
      rack
    erubis (2.7.0)
    execjs (2.0.2)
    filters_spam (0.3)
    friendly_id (4.0.10.1)
      activerecord (>= 3.0, < 4.0)
    globalize (3.1.0)
      activemodel (>= 3.1.0, < 4.0.0)
      activerecord (>= 3.1.0, < 4.0.0)
    hike (1.2.3)
    i18n (0.6.9)
    journey (1.0.4)
    jquery-rails (2.3.0)
      railties (>= 3.0, < 5.0)
      thor (>= 0.14, < 2.0)
    json (1.8.1)
    mail (2.5.4)
      mime-types (~> 1.16)
      treetop (~> 1.4.8)
    mime-types (1.25.1)
    mini_exiftool (2.4.1)
    mini_magick (3.7.0)
      subexec (~> 0.2.1)
    multi_json (1.9.3)
    mysql2 (0.3.15)
    net-scp (1.2.0)
      net-ssh (>= 2.6.5)
    net-ssh (2.8.0)
    orm_adapter (0.5.0)
    polyglot (0.3.4)
    rack (1.4.5)
    rack-cache (1.2)
      rack (>= 0.4)
    rack-ssl (1.3.4)
      rack
    rack-test (0.6.2)
      rack (>= 1.0)
    rails (3.2.14)
      actionmailer (= 3.2.14)
      actionpack (= 3.2.14)
      activerecord (= 3.2.14)
      activeresource (= 3.2.14)
      activesupport (= 3.2.14)
      bundler (~> 1.0)
      railties (= 3.2.14)
    rails-i18n (0.7.4)
      i18n (~> 0.5)
    rails_autolink (1.0.9)
      rails (~> 3.1)
    railties (3.2.14)
      actionpack (= 3.2.14)
      activesupport (= 3.2.14)
      rack-ssl (~> 1.3.2)
      rake (>= 0.8.7)
      rdoc (~> 3.4)
      thor (>= 0.14.6, < 2.0)
    rake (10.3.1)
    rdoc (3.12.2)
      json (~> 1.4)
    refinerycms (2.1.2)
      bundler (>= 1.2.2, < 2.0)
      refinerycms-authentication (= 2.1.2)
      refinerycms-core (= 2.1.2)
      refinerycms-dashboard (= 2.1.2)
      refinerycms-images (= 2.1.2)
      refinerycms-pages (= 2.1.2)
      refinerycms-resources (= 2.1.2)
    refinerycms-acts-as-indexed (1.0.0)
      acts_as_indexed (~> 0.8.0)
      refinerycms-core (~> 2.1.0)
    refinerycms-authentication (2.1.2)
      actionmailer (>= 3.1.11, < 3.3, != 3.2.9, != 3.2.8, != 3.2.7, != 3.2.6, != 3.2.5, != 3.2.4, != 3.2.3, != 3.2.2, != 3.2.11, != 3.2.10, != 3.2.1, != 3.2.0)
      devise (~> 2.2.3)
      refinerycms-core (= 2.1.2)
    refinerycms-blog (2.1.0)
      acts-as-taggable-on
      filters_spam (~> 0.2)
      friendly_id (~> 4.0.4)
      rails_autolink (~> 1.0.7)
      refinerycms-core (~> 2.1.0)
      refinerycms-settings (~> 2.1.0)
      seo_meta (~> 1.4.0)
    refinerycms-core (2.1.2)
      actionpack (>= 3.1.11, < 3.3, != 3.2.9, != 3.2.8, != 3.2.7, != 3.2.6, != 3.2.5, != 3.2.4, != 3.2.3, != 3.2.2, != 3.2.11, != 3.2.10, != 3.2.1, != 3.2.0)
      activerecord (>= 3.1.11, < 3.3, != 3.2.9, != 3.2.8, != 3.2.7, != 3.2.6, != 3.2.5, != 3.2.4, != 3.2.3, != 3.2.2, != 3.2.11, != 3.2.10, != 3.2.1, != 3.2.0)
      awesome_nested_set (~> 2.1.3)
      decorators (~> 1.0.0)
      jquery-rails (~> 2.3.0)
      railties (>= 3.1.11, < 3.3, != 3.2.9, != 3.2.8, != 3.2.7, != 3.2.6, != 3.2.5, != 3.2.4, != 3.2.3, != 3.2.2, != 3.2.11, != 3.2.10, != 3.2.1, != 3.2.0)
      refinerycms-i18n (~> 2.1.0)
      sass-rails (~> 3.2.3)
      truncate_html (~> 0.9)
      will_paginate (~> 3.0.2)
    refinerycms-dashboard (2.1.2)
      refinerycms-core (= 2.1.2)
    refinerycms-i18n (2.1.0)
      rails-i18n (~> 0.7.3)
      routing-filter (~> 0.3.0)
    refinerycms-images (2.1.2)
      dragonfly (~> 0.9.14)
      refinerycms-core (= 2.1.2)
    refinerycms-page-images (2.1.0)
      refinerycms-pages (~> 2.1.0)
    refinerycms-pages (2.1.2)
      awesome_nested_set (~> 2.1.3)
      babosa (!= 0.3.6)
      friendly_id (~> 4.0.9)
      globalize (~> 3.1.0)
      refinerycms-core (= 2.1.2)
      seo_meta (~> 1.4.0)
    refinerycms-resources (2.1.2)
      acts_as_indexed (~> 0.8.0)
      dragonfly (~> 0.9.12)
      refinerycms-core (= 2.1.2)
    refinerycms-settings (2.1.1)
      refinerycms-core (~> 2.1.1)
    routing-filter (0.3.1)
      actionpack
    sass (3.3.6)
    sass-rails (3.2.6)
      railties (~> 3.2.0)
      sass (>= 3.1.10)
      tilt (~> 1.3)
    seo_meta (1.4.0)
      railties (>= 3.0.0)
    sprockets (2.2.2)
      hike (~> 1.2)
      multi_json (~> 1.0)
      rack (~> 1.0)
      tilt (~> 1.1, != 1.3.0)
    sqlite3 (1.3.9)
    sshkit (1.4.0)
      net-scp (>= 1.1.2)
      net-ssh (>= 2.8.0)
      term-ansicolor
    subexec (0.2.3)
    term-ansicolor (1.3.0)
      tins (~> 1.0)
    thor (0.19.1)
    tilt (1.4.1)
    tins (1.1.0)
    treetop (1.4.15)
      polyglot
      polyglot (>= 0.3.1)
    truncate_html (0.9.2)
    tzinfo (0.3.39)
    uglifier (2.5.0)
      execjs (>= 0.3.0)
      json (>= 1.8.0)
    warden (1.2.3)
      rack (>= 1.0)
    will_paginate (3.0.5)

PLATFORMS
  ruby

DEPENDENCIES
  capistrano
  capistrano-bundler
  capistrano-rails
  capistrano-rvm (~> 0.1.0)
  coffee-rails (~> 3.2.1)
  colorbox-rails
  jquery-rails
  mysql2
  rails (= 3.2.14)
  refinerycms (~> 2.1.0)
  refinerycms-acts-as-indexed (~> 1.0.0)
  refinerycms-blog (~> 2.1.0)
  refinerycms-inquiries!
  refinerycms-page-images (~> 2.1.0)
  refinerycms-photo-gallery!
  sass-rails (~> 3.2.3)
  sqlite3
  uglifier (>= 1.0.3)
